GEM
  remote: https://rubygems.org/
  specs:
    guess_html_encoding (0.0.11)
    mini_portile (0.6.2)
    nokogiri (1.6.6.2)
      mini_portile (~> 0.6.0)
    pg (0.18.2)
    ruby-readability (0.7.0)
      guess_html_encoding (>= 0.0.4)
      nokogiri (>= 1.6.0)

PLATFORMS
  ruby

DEPENDENCIES
  pg
  ruby-readability

BUNDLED WITH
   1.10.5
